GEM
  remote: https://rubygems.org/
  specs:
    activesupport (4.2.3)
      i18n (~> 0.7)
      json (~> 1.7, >= 1.7.7)
      minitest (~> 5.1)
      thread_safe (~> 0.3, >= 0.3.4)
      tzinfo (~> 1.1)
    eventmachine (1.0.8)
    faye-websocket (0.10.0)
      eventmachine (>= 0.12.0)
      websocket-driver (>= 0.5.1)
    i18n (0.7.0)
    json (1.8.3)
    minitest (5.8.0)
    puma (2.12.3)
    rack (1.6.4)
    rethinkdb (2.1.0)
      json
    sprockets (3.3.1)
      rack (~> 1.0)
    thor (0.19.1)
    thread_safe (0.3.5)
    tzinfo (1.2.2)
      thread_safe (~> 0.1)
    websocket-driver (0.6.2)
      websocket-extensions (>= 0.1.0)
    websocket-extensions (0.1.2)

PLATFORMS
  ruby

DEPENDENCIES
  activesupport (~> 4.2.3)
  faye-websocket (~> 0.10.0)
  puma (~> 2.12.3)
  rack (~> 1.6.4)
  rethinkdb (~> 2.1.0)
  sprockets (~> 3.3.1)
  thor (~> 0.19.1)

BUNDLED WITH
   1.10.6
